GEM
  remote: https://rubygems.org/
  specs:
    execjs (2.8.1)
    json (2.6.3)
    rake (0.9.2.2)
    uglifier (2.7.2)
      execjs (>= 0.3.0)
      json (>= 1.8.0)

PLATFORMS
  ruby

DEPENDENCIES
  rake
  uglifier
